GEM
  remote: https://rubygems.org/
  specs:
    kanwei-algorithms (0.2.0)

PLATFORMS
  ruby

DEPENDENCIES
  kanwei-algorithms (~> 0.2.0)

BUNDLED WITH
   1.17.2
