GEM
  remote: https://rubygems.org/
  specs:
    priority_queue_cxx (0.3.6)

PLATFORMS
  ruby

DEPENDENCIES
  priority_queue_cxx (~> 0.3.6)

BUNDLED WITH
   1.17.2
